GEM
  remote: http://rubygems.org/
  specs:
    actionmailer (2.3.16)
      actionpack (= 2.3.16)
    actionpack (2.3.16)
      activesupport (= 2.3.16)
      rack (~> 1.1.0)
    activerecord (2.3.16)
      activesupport (= 2.3.16)
    activeresource (2.3.16)
      activesupport (= 2.3.16)
    activesupport (2.3.16)
    color (1.4.1)
    columnize (0.3.6)
    httpclient (2.3.2)
    jnunemaker-validatable (1.8.4)
      activesupport (>= 2.3.4)
    linecache (0.46)
      rbx-require-relative (> 0.0.4)
    pdf-writer (1.1.8)
      color (>= 1.4.0)
      transaction-simple (~> 1.3)
    pg (0.14.1)
    rack (1.1.5)
    rails (2.3.16)
      actionmailer (= 2.3.16)
      actionpack (= 2.3.16)
      activerecord (= 2.3.16)
      activeresource (= 2.3.16)
      activesupport (= 2.3.16)
      rake (>= 0.8.3)
    rake (0.8.7)
    rbx-require-relative (0.0.9)
    rmagick (2.13.1)
    ruby-debug (0.10.4)
      columnize (>= 0.1)
      ruby-debug-base (~> 0.10.4.0)
    ruby-debug-base (0.10.4)
      linecache (>= 0.3)
    ruby-ldap (0.9.12)
    simple_enum (1.3.2)
    soap4r (1.5.8)
      httpclient (>= 2.1.1)
    transaction-simple (1.4.0.2)
    will_paginate (2.3.16)

PLATFORMS
  ruby

DEPENDENCIES
  bundler (= 1.2.3)
  httpclient (= 2.3.2)
  jnunemaker-validatable (~> 1.8.4)
  pdf-writer (= 1.1.8)
  pg (= 0.14.1)
  rails (= 2.3.16)
  rake (= 0.8.7)
  rmagick (= 2.13.1)
  ruby-debug (= 0.10.4)
  ruby-ldap (= 0.9.12)
  simple_enum (= 1.3.2)
  soap4r (= 1.5.8)
  will_paginate (= 2.3.16)
